PATH
  remote: .
  specs:
    travistorrent-tools (0.1)
      activesupport (< 8.0.0)
      colorize (>= 0.7)
      github-linguist (>= 4.5)
      json (>= 2.0.0)
      minitest (> 5.0.0)
      mongo (>= 2.4.0)
      mysql2 (>= 0.3)
      parallel (>= 0.7.1)
      rake
      rugged (>= 0.22)
      sequel (>= 4.23)
      time_difference
      travis (>= 1.7, < 1.9)
      trollop (>= 2.1.2)

GEM
  remote: https://rubygems.org/
  specs:
    activesupport (7.0.4.1)
      concurrent-ruby (~> 1.0, >= 1.0.2)
      i18n (>= 1.6, < 2)
      minitest (>= 5.1)
      tzinfo (~> 2.0)
    addressable (2.4.0)
    backports (3.23.0)
    bson (4.15.0)
    cgi (0.3.6)
    charlock_holmes (0.7.7)
    colorize (0.8.1)
    concurrent-ruby (1.1.10)
    ethon (0.16.0)
      ffi (>= 1.15.0)
    faraday (0.17.6)
      multipart-post (>= 1.2, < 3)
    faraday_middleware (0.14.0)
      faraday (>= 0.7.4, < 1.0)
    ffi (1.15.5)
    gh (0.15.1)
      addressable (~> 2.4.0)
      backports
      faraday (~> 0.8)
      multi_json (~> 1.0)
      net-http-persistent (~> 2.9)
      net-http-pipeline
    github-linguist (7.24.1)
      cgi
      charlock_holmes (~> 0.7.7)
      mini_mime (~> 1.0)
      rugged (~> 1.0)
    highline (1.7.10)
    i18n (1.12.0)
      concurrent-ruby (~> 1.0)
    json (2.6.3)
    launchy (2.4.3)
      addressable (~> 2.3)
    mini_mime (1.1.2)
    minitest (5.11.3)
    mongo (2.18.2)
      bson (>= 4.14.1, < 5.0.0)
    multi_json (1.15.0)
    multipart-post (2.2.3)
    mysql2 (0.5.4)
    net-http-persistent (2.9.4)
    net-http-pipeline (1.0.1)
    parallel (1.22.1)
    pusher-client (0.6.2)
      json
      websocket (~> 1.0)
    rake (12.3.1)
    rugged (1.5.0.1)
    sequel (5.64.0)
    time_difference (0.5.0)
      activesupport
    travis (1.8.13)
      backports
      faraday (~> 0.9)
      faraday_middleware (~> 0.9, >= 0.9.1)
      gh (~> 0.13)
      highline (~> 1.6)
      launchy (~> 2.1)
      pusher-client (~> 0.4)
      typhoeus (~> 0.6, >= 0.6.8)
    trollop (2.9.10)
    typhoeus (0.8.0)
      ethon (>= 0.8.0)
    tzinfo (2.0.5)
      concurrent-ruby (~> 1.0)
    websocket (1.2.9)

PLATFORMS
  ruby

DEPENDENCIES
  minitest
  rake
  travistorrent-tools!

BUNDLED WITH
   1.16.2
